GEM
  remote: https://rubygems.org/
  specs:
    ansi (1.5.0)
    thor (0.20.0)
    zaru (0.2.0)

PLATFORMS
  ruby

DEPENDENCIES
  ansi
  thor
  zaru

BUNDLED WITH
   1.17.2
