GEM
  remote: https://rubygems.org/
  specs:
    ansi (1.5.0)
    chronic (0.10.2)
    thor (0.20.0)
    whenever (0.10.0)
      chronic (>= 0.6.3)
    zaru (0.2.0)

PLATFORMS
  ruby

DEPENDENCIES
  ansi
  thor
  whenever
  zaru

BUNDLED WITH
   1.17.2
