GEM
  remote: https://rubygems.org/
  specs:
    ansi (1.5.0)
    aws-eventstream (1.0.1)
    aws-partitions (1.140.0)
    aws-sdk-core (3.46.2)
      aws-eventstream (~> 1.0)
      aws-partitions (~> 1.0)
      aws-sigv4 (~> 1.0)
      jmespath (~> 1.0)
    aws-sdk-kms (1.13.0)
      aws-sdk-core (~> 3, >= 3.39.0)
      aws-sigv4 (~> 1.0)
    aws-sdk-s3 (1.30.1)
      aws-sdk-core (~> 3, >= 3.39.0)
      aws-sdk-kms (~> 1)
      aws-sigv4 (~> 1.0)
    aws-sigv4 (1.0.3)
    concurrent-ruby (1.1.4)
    et-orbi (1.1.7)
      tzinfo
    fugit (1.1.8)
      et-orbi (~> 1.1, >= 1.1.7)
      raabro (~> 1.1)
    jmespath (1.4.0)
    raabro (1.1.6)
    rufus-scheduler (3.5.2)
      fugit (~> 1.1, >= 1.1.5)
    thor (0.20.0)
    tzinfo (2.0.0)
      concurrent-ruby (~> 1.0)
    zaru (0.2.0)

PLATFORMS
  ruby

DEPENDENCIES
  ansi
  aws-sdk-s3
  rufus-scheduler
  thor
  zaru

BUNDLED WITH
   1.17.2
